GEM
  remote: https://rubygems.org/
  specs:
    activesupport (3.2.13)
      i18n (= 0.6.1)
      multi_json (~> 1.0)
    fraction (0.3.2)
    i18n (0.6.1)
    multi_json (1.7.7)

PLATFORMS
  ruby

DEPENDENCIES
  activesupport
  fraction
